GEM
  remote: https://rubygems.org/
  specs:
    base64 (0.2.0)
    jaeger-client (1.1.0)
      opentracing (~> 0.3)
      thrift
    mustermann (3.0.0)
      ruby2_keywords (~> 0.0.1)
    nio4r (2.7.3)
    opentracing (0.5.0)
    puma (6.4.2)
      nio4r (~> 2.0)
    rack (3.1.6)
    rack-protection (4.0.0)
      base64 (>= 0.1.0)
      rack (>= 3.0.0, < 4)
    rack-session (2.0.0)
      rack (>= 3.0.0)
    rackup (2.1.0)
      rack (>= 3)
      webrick (~> 1.8)
    ruby2_keywords (0.0.5)
    sinatra (4.0.0)
      mustermann (~> 3.0)
      rack (>= 3.0.0, < 4)
      rack-protection (= 4.0.0)
      rack-session (>= 2.0.0, < 3)
      tilt (~> 2.0)
    thrift (0.20.0)
    tilt (2.4.0)
    webrick (1.8.1)

PLATFORMS
  x86_64-linux

DEPENDENCIES
  jaeger-client
  opentracing
  puma (~> 6.0)
  rackup
  sinatra

BUNDLED WITH
   2.4.22
